PATH
  remote: .
  specs:
    lobster (0.1.0.alpha2)
      daemons (>= 1.1.4)

GEM
  remote: http://rubygems.org/
  specs:
    daemons (1.1.4)

PLATFORMS
  ruby

DEPENDENCIES
  lobster!
